GEM
  remote: https://rubygems.org/
  specs:
    coderay (1.1.1)
    haml (4.0.7)
      tilt
    method_source (0.8.2)
    pry (0.10.4)
      coderay (~> 1.1.0)
      method_source (~> 0.8.1)
      slop (~> 3.4)
    slop (3.6.0)
    tilt (2.0.7)

PLATFORMS
  ruby
  x64-mingw32

DEPENDENCIES
  haml
  pry

BUNDLED WITH
   1.14.6
